PATH
  remote: .
  specs:
    message-cat (0.4.0)
      activerecord
      activesupport
      colorize
      mail
      sqlite3

GEM
  remote: https://rubygems.org/
  specs:
    activemodel (5.2.1)
      activesupport (= 5.2.1)
    activerecord (5.2.1)
      activemodel (= 5.2.1)
      activesupport (= 5.2.1)
      arel (>= 9.0)
    activesupport (5.2.1)
      concurrent-ruby (~> 1.0, >= 1.0.2)
      i18n (>= 0.7, < 2)
      minitest (~> 5.1)
      tzinfo (~> 1.1)
    arel (9.0.0)
    arrayfields (4.9.2)
    chronic (0.10.2)
    coderay (1.1.2)
    coerce (0.0.8)
      chronic (>= 0.6.2)
    colorize (0.8.1)
    concurrent-ruby (1.0.5)
    fattr (2.4.0)
    highline (1.7.10)
    i18n (1.1.1)
      concurrent-ruby (~> 1.0)
    mail (2.7.1)
      mini_mime (>= 0.1.1)
    main (6.2.2)
      arrayfields (~> 4.7, >= 4.7.4)
      chronic (~> 0.6, >= 0.6.2)
      fattr (~> 2.2, >= 2.2.0)
      map (~> 6.1, >= 6.1.0)
    map (6.6.0)
    method_source (0.9.1)
    mini_mime (1.0.1)
    minitest (5.11.3)
    pry (0.11.3)
      coderay (~> 1.1.0)
      method_source (~> 0.9.0)
    sekrets (1.11.0)
      coerce (~> 0.0.3)
      fattr (~> 2.2)
      highline (~> 1.6)
      main (~> 6.1)
      map (~> 6.3)
    sqlite3 (1.3.13)
    thread_safe (0.3.6)
    tzinfo (1.2.5)
      thread_safe (~> 0.1)

PLATFORMS
  ruby

DEPENDENCIES
  message-cat!
  pry
  sekrets

BUNDLED WITH
   1.17.1
